PATH
  remote: .
  specs:
    persistent_enum (1.0.9)
      activerecord (>= 4.2)
      activesupport (>= 4.2)

GEM
  remote: https://rubygems.org/
  specs:
    activemodel (6.1.7.6)
      activesupport (= 6.1.7.6)
    activerecord (6.1.7.6)
      activemodel (= 6.1.7.6)
      activesupport (= 6.1.7.6)
    activesupport (6.1.7.6)
      concurrent-ruby (~> 1.0, >= 1.0.2)
      i18n (>= 1.6, < 2)
      minitest (>= 5.1)
      tzinfo (~> 2.0)
      zeitwerk (~> 2.3)
    byebug (6.0.2)
    concurrent-ruby (1.2.2)
    i18n (1.14.1)
      concurrent-ruby (~> 1.0)
    minitest (5.19.0)
    rake (10.4.2)
    sqlite3 (1.3.11)
    tzinfo (2.0.6)
      concurrent-ruby (~> 1.0)
    zeitwerk (2.6.11)

PLATFORMS
  ruby

DEPENDENCIES
  bundler (>= 1.0)
  byebug
  persistent_enum!
  rake (>= 10.0)
  sqlite3

BUNDLED WITH
   1.10.6
