PATH
  remote: .
  specs:
    persistent_enum (1.0.9)
      activerecord (>= 4.2)
      activesupport (>= 4.2)

GEM
  remote: https://rubygems.org/
  specs:
    activemodel (6.0.0)
      activesupport (= 6.0.0)
    activerecord (6.0.0)
      activemodel (= 6.0.0)
      activesupport (= 6.0.0)
    activesupport (6.0.0)
      concurrent-ruby (~> 1.0, >= 1.0.2)
      i18n (>= 0.7, < 2)
      minitest (~> 5.1)
      tzinfo (~> 1.1)
      zeitwerk (~> 2.1, >= 2.1.8)
    byebug (6.0.2)
    concurrent-ruby (1.1.5)
    i18n (1.7.0)
      concurrent-ruby (~> 1.0)
    minitest (5.13.0)
    rake (10.4.2)
    sqlite3 (1.3.11)
    thread_safe (0.3.6)
    tzinfo (1.2.5)
      thread_safe (~> 0.1)
    zeitwerk (2.2.1)

PLATFORMS
  ruby

DEPENDENCIES
  bundler (>= 1.0)
  byebug
  persistent_enum!
  rake (>= 10.0)
  sqlite3

BUNDLED WITH
   1.10.6
